GEM
  remote: https://rubygems.org/
  specs:
    builder (3.1.4)

PLATFORMS
  ruby

DEPENDENCIES
  builder
